PATH
  remote: .
  specs:
    safe_values (1.0.0)

GEM
  remote: https://rubygems.org/
  specs:
    rake (10.5.0)

PLATFORMS
  ruby

DEPENDENCIES
  bundler (~> 1.16.a)
  rake (~> 10.0)
  safe_values!

BUNDLED WITH
   1.16.0.pre.3
